NRRD0004
# Complete NRRD file format specification at:
# http://teem.sourceforge.net/nrrd/format.html
type: uint8
dimension: 3
space: left-posterior-superior
sizes: 256 256 256
space directions: (1,0,0) (0,1,0) (0,0,1)
kinds: domain domain domain
endian: little
encoding: raw
space origin: (-128.0,-128.0,-128.0)
data file: foot_256x256x256_uint8.raw
