NRRD0004
# Complete NRRD file format specification at:
# http://teem.sourceforge.net/nrrd/format.html
type: uint16
dimension: 3
space: left-posterior-superior
sizes: 512 512 174
space directions: (0.8398,0,0) (0,0.8398,0) (0,0,3.2)
kinds: domain domain domain
endian: little
encoding: raw
space origin: (-214.9888,-214.9888,-278.40000000000003)
data file: stent_512x512x174_uint16.raw
